GEM
  remote: https://rubygems.org/
  specs:
    faraday (0.8.6)
      multipart-post (~> 1.1)
    multi_json (1.6.1)
    multipart-post (1.1.5)
    pit (0.0.7)
    simple_oauth (0.2.0)
    twitter (4.5.0)
      faraday (~> 0.8, < 0.10)
      multi_json (~> 1.0)
      simple_oauth (~> 0.2)

PLATFORMS
  ruby

DEPENDENCIES
  pit (= 0.0.7)
  twitter (= 4.5.0)
